GEM
  remote: https://rubygems.org/
  specs:
    cli-colorize (2.0.0)
    colorize (0.8.1)
    optics-ansi (0.3.7)

PLATFORMS
  x86_64-darwin-17

DEPENDENCIES
  cli-colorize (~> 2.0)
  colorize (~> 0.8.1)
  optics-ansi (~> 0.3.7)

BUNDLED WITH
   2.2.15
