GEM
  remote: https://rubygems.org/
  specs:
    cli-colorize (2.0.0)
    colorize (0.8.1)
    optics-ansi (0.3.7)
    power_assert (2.0.0)
    test-unit (3.4.0)
      power_assert

PLATFORMS
  x86_64-darwin-17

DEPENDENCIES
  cli-colorize (~> 2.0)
  colorize (~> 0.8.1)
  optics-ansi (~> 0.3.7)
  test-unit (~> 3.4)

BUNDLED WITH
   2.2.15
